GIT
  remote: git://github.com/intjonathan/geokit-rails-mysql2.git
  revision: 714bb59e8be3a337ff0991555e4f9254a1bbba80
  specs:
    geokit-rails-mysql2 (1.1.4)

GIT
  remote: https://github.com/JoeyBoolean/plutus.git
  revision: 4dc780d9d030a4e95d787e3759df067a47270d67
  branch: rails3
  specs:
    plutus (0.7.4)
      rails (~> 3.1)

GIT
  remote: https://github.com/wa-labs/combine_pdf.git
  revision: 9d745ec192cb7458c8fef27d276f93bf4f363a7a
  branch: master
  specs:
    combine_pdf (0.2.31)
      ruby-rc4 (>= 0.1.5)

GEM
  remote: https://rubygems.org/
  specs:
    PriorityQueue (0.1.2)
    actionmailer (3.2.18)
      actionpack (= 3.2.18)
      mail (~> 2.5.4)
    actionpack (3.2.18)
      activemodel (= 3.2.18)
      activesupport (= 3.2.18)
      builder (~> 3.0.0)
      erubis (~> 2.7.0)
      journey (~> 1.0.4)
      rack (~> 1.4.5)
      rack-cache (~> 1.2)
      rack-test (~> 0.6.1)
      sprockets (~> 2.2.1)
    active_model_serializers (0.9.3)
      activemodel (>= 3.2)
    active_record_query_trace (1.4)
    activemodel (3.2.18)
      activesupport (= 3.2.18)
      builder (~> 3.0.0)
    activerecord (3.2.18)
      activemodel (= 3.2.18)
      activesupport (= 3.2.18)
      arel (~> 3.0.2)
      tzinfo (~> 0.3.29)
    activerecord-tableless (1.3.4)
      activerecord (>= 2.3.0)
    activeresource (3.2.18)
      activemodel (= 3.2.18)
      activesupport (= 3.2.18)
    activesupport (3.2.18)
      i18n (~> 0.6, >= 0.6.4)
      multi_json (~> 1.0)
    addressable (2.3.8)
    akami (1.2.2)
      gyoku (>= 0.4.0)
      nokogiri
    amoeba (2.0.0)
      activerecord (>= 3.0)
    arel (3.0.3)
    ast (2.1.0)
    astrolabe (1.3.1)
      parser (~> 2.2)
    attr_encrypted (3.0.1)
      encryptor (~> 3.0.0)
    awesome_print (1.2.0)
    aws-sdk (2.0.14.pre)
      aws-sdk-resources (= 2.0.14.pre)
    aws-sdk-core (2.0.14)
      builder (~> 3.0)
      jmespath (~> 1.0)
      multi_json (~> 1.0)
      multi_xml (~> 0.5)
    aws-sdk-resources (2.0.14.pre)
      aws-sdk-core (= 2.0.14)
    bcrypt-ruby (3.0.1)
    builder (3.0.4)
    byebug (2.7.0)
      columnize (~> 0.3)
      debugger-linecache (~> 1.2)
    carrierwave (0.10.0)
      activemodel (>= 3.2.0)
      activesupport (>= 3.2.0)
      json (>= 1.7)
      mime-types (>= 1.16)
    celluloid (0.15.2)
      timers (~> 1.1.0)
    chronic (0.10.2)
    classy_enum (3.4.0)
      activerecord (>= 3.0)
    coderay (1.1.0)
    coffee-rails (3.2.2)
      coffee-script (>= 2.2.0)
      railties (~> 3.2.0)
    coffee-script (2.2.0)
      coffee-script-source
      execjs
    coffee-script-source (1.7.0)
    columnize (0.8.9)
    connection_pool (2.0.0)
    dalli (2.7.2)
    debugger-linecache (1.2.0)
    delorean (2.1.0)
      chronic
    diff-lcs (1.2.5)
    diffy (3.0.6)
    encryptor (3.0.0)
    erubis (2.7.0)
    excon (0.41.0)
    execjs (2.1.0)
    factory_girl (4.4.0)
      activesupport (>= 3.0.0)
    factory_girl_rails (4.4.1)
      factory_girl (~> 4.4.0)
      railties (>= 3.0.0)
    faraday (0.9.1)
      multipart-post (>= 1.2, < 3)
    faraday_middleware (0.10.0)
      faraday (>= 0.7.4, < 0.10)
    fog (1.24.0)
      fog-brightbox
      fog-core (~> 1.23)
      fog-json
      fog-radosgw (>= 0.0.2)
      fog-sakuracloud (>= 0.0.4)
      fog-softlayer
      ipaddress (~> 0.5)
      nokogiri (~> 1.5, >= 1.5.11)
    fog-brightbox (0.6.1)
      fog-core (~> 1.22)
      fog-json
      inflecto
    fog-core (1.24.0)
      builder
      excon (~> 0.38)
      formatador (~> 0.2)
      mime-types
      net-scp (~> 1.1)
      net-ssh (>= 2.1.3)
    fog-json (1.0.0)
      multi_json (~> 1.0)
    fog-radosgw (0.0.3)
      fog-core (>= 1.21.0)
      fog-json
      fog-xml (>= 0.0.1)
    fog-sakuracloud (0.1.1)
      fog-core
      fog-json
    fog-softlayer (0.3.23)
      fog-core
      fog-json
    fog-xml (0.1.0)
      fog-core
      nokogiri (~> 1.5, >= 1.5.11)
    formatador (0.2.5)
    geokit (1.6.5)
      multi_json
    gist (4.3.0)
    gitlab (3.4.0)
      httparty
      terminal-table
    google-geocode (1.2.1)
      hoe (>= 1.1.4)
      rc-rest (>= 2.0.0)
    grit (2.5.0)
      diff-lcs (~> 1.1)
      mime-types (~> 1.15)
      posix-spawn (~> 0.3.6)
    gyoku (1.1.1)
      builder (>= 2.1.2)
    haml (4.0.5)
      tilt
    hashdiff (0.3.0)
    highline (1.6.21)
    hike (1.2.3)
    hoe (3.12.0)
      rake (>= 0.8, < 11.0)
    httparty (0.13.1)
      json (~> 1.8)
      multi_xml (>= 0.5.2)
    httpi (2.1.0)
      rack
      rubyntlm (~> 0.3.2)
    i18n (0.6.9)
    inflecto (0.0.2)
    interception (0.5)
    ipaddress (0.8.0)
    jmespath (1.0.2)
      multi_json (~> 1.0)
    journey (1.0.4)
    json (1.8.1)
    libv8 (3.16.14.15)
    macaddr (1.7.1)
      systemu (~> 2.6.2)
    mail (2.5.4)
      mime-types (~> 1.16)
      treetop (~> 1.4.8)
    method_source (0.8.2)
    mime-types (1.25.1)
    mini_portile (0.6.0)
    multi_json (1.10.1)
    multi_xml (0.5.5)
    multipart-post (2.0.0)
    mysql2 (0.3.17)
    net-http-persistent (1.9)
    net-scp (1.2.1)
      net-ssh (>= 2.6.5)
    net-ssh (2.9.1)
    nokogiri (1.6.2.1)
      mini_portile (= 0.6.0)
    nori (2.4.0)
    octokit (3.8.0)
      sawyer (~> 0.6.0, >= 0.5.3)
    paper_trail (3.0.2)
      activerecord (>= 3.0, < 5.0)
      activesupport (>= 3.0, < 5.0)
    parallel (1.9.0)
    parser (2.2.3.0)
      ast (>= 1.1, < 3.0)
    pdf-core (0.2.5)
    polyamorous (0.6.4)
      activerecord (>= 3.0)
    polyglot (0.3.5)
    posix-spawn (0.3.9)
    powerpack (0.1.1)
    prawn (1.0.0)
      pdf-core (~> 0.2.2)
      ttfunk (~> 1.1.1)
    priority_queue_cxx (0.3.4)
    pronto (0.4.2)
      gitlab (~> 3.4.0)
      octokit (~> 3.8.0)
      rugged (~> 0.22.0)
      thor (~> 0.19.0)
    pronto-rubocop (0.4.4)
      pronto (~> 0.4.0)
      rubocop (~> 0.32.0)
    pry (0.10.0)
      coderay (~> 1.1.0)
      method_source (~> 0.8.1)
      slop (~> 3.4)
    pry-byebug (1.3.3)
      byebug (~> 2.7)
      pry (~> 0.10)
    pry-doc (0.6.0)
      pry (~> 0.9)
      yard (~> 0.8)
    pry-docmore (0.1.1)
      pry
      pry-doc
    pry-git (0.2.3)
      diffy
      grit
      pry (>= 0.9.8)
    pry-highlight (0.0.1)
      coderay
      json
      nokogiri
      pry
    pry-macro (1.0.1)
      highline
      pry
    pry-pretty-numeric (0.1.1)
      pry
    pry-rescue (1.4.1)
      interception (>= 0.5)
      pry
    pry-suite (1.1.1)
      gist
      pry
      pry-byebug
      pry-doc
      pry-docmore
      pry-git
      pry-highlight
      pry-macro
      pry-pretty-numeric
      pry-rescue
    rack (1.4.5)
    rack-cache (1.2)
      rack (>= 0.4)
    rack-cors (0.4.0)
    rack-mini-profiler (0.9.1)
      rack (>= 1.1.3)
    rack-protection (1.5.3)
      rack
    rack-ssl (1.3.4)
      rack
    rack-test (0.6.2)
      rack (>= 1.0)
    railroady (1.1.1)
    rails (3.2.18)
      actionmailer (= 3.2.18)
      actionpack (= 3.2.18)
      activerecord (= 3.2.18)
      activeresource (= 3.2.18)
      activesupport (= 3.2.18)
      bundler (~> 1.0)
      railties (= 3.2.18)
    rails_config (0.4.2)
      activesupport (>= 3.0)
    railties (3.2.18)
      actionpack (= 3.2.18)
      activesupport (= 3.2.18)
      rack-ssl (~> 1.3.2)
      rake (>= 0.8.7)
      rdoc (~> 3.4)
      thor (>= 0.14.6, < 2.0)
    rainbow (2.0.0)
    rake (10.3.2)
    rc-rest (4.0)
      net-http-persistent (~> 1.0)
      nokogiri (>= 1.3.1)
    rdoc (3.12.2)
      json (~> 1.4)
    redis (3.0.7)
    redis-namespace (1.4.1)
      redis (~> 3.0.4)
    ref (2.0.0)
    rest-client (1.6.7)
      mime-types (>= 1.16)
    rspec-core (3.0.2)
      rspec-support (~> 3.0.0)
    rspec-expectations (3.0.2)
      diff-lcs (>= 1.2.0, < 2.0)
      rspec-support (~> 3.0.0)
    rspec-mocks (3.0.2)
      rspec-support (~> 3.0.0)
    rspec-rails (3.0.1)
      actionpack (>= 3.0)
      activesupport (>= 3.0)
      railties (>= 3.0)
      rspec-core (~> 3.0.0)
      rspec-expectations (~> 3.0.0)
      rspec-mocks (~> 3.0.0)
      rspec-support (~> 3.0.0)
    rspec-support (3.0.2)
    rubocop (0.32.0)
      astrolabe (~> 1.3)
      parser (>= 2.2.2.5, < 3.0)
      powerpack (~> 0.1)
      rainbow (>= 1.99.1, < 3.0)
      ruby-progressbar (~> 1.4)
    ruby-ole (1.2.11.7)
    ruby-progressbar (1.7.5)
    ruby-rc4 (0.1.5)
    rubyntlm (0.3.4)
    rugged (0.22.2)
    sass (3.3.8)
    sass-rails (3.2.6)
      railties (~> 3.2.0)
      sass (>= 3.1.10)
      tilt (~> 1.3)
    savon (2.5.1)
      akami (~> 1.2.0)
      builder (>= 2.1.2)
      gyoku (~> 1.1.0)
      httpi (~> 2.1.0)
      nokogiri (>= 1.4.0)
      nori (~> 2.4.0)
      uuid (~> 2.3.7)
      wasabi (~> 3.3.0)
    sawyer (0.6.0)
      addressable (~> 2.3.5)
      faraday (~> 0.8, < 0.10)
    shortest_path (0.0.4)
      priority_queue_cxx
    sidekiq (3.1.2)
      celluloid (>= 0.15.2)
      connection_pool (>= 2.0.0)
      json
      redis (>= 3.0.6)
      redis-namespace (>= 1.3.1)
    sidekiq-limit_fetch (2.4.2)
      sidekiq (>= 2.6.5, < 4.0)
    sinatra (1.3.3)
      rack (~> 1.3, >= 1.3.6)
      rack-protection (~> 1.2)
      tilt (~> 1.3, >= 1.3.3)
    slim (2.0.2)
      temple (~> 0.6.6)
      tilt (>= 1.3.3, < 2.1)
    slop (3.6.0)
    socksify (1.5.0)
    spreadsheet (0.9.7)
      ruby-ole (>= 1.0)
    sprockets (2.2.2)
      hike (~> 1.2)
      multi_json (~> 1.0)
      rack (~> 1.0)
      tilt (~> 1.1, != 1.3.0)
    sqlite3 (1.3.9)
    squeel (1.1.1)
      activerecord (>= 3.0)
      activesupport (>= 3.0)
      polyamorous (~> 0.6.0)
    systemu (2.6.4)
    tcp_timeout (0.1.1)
    teamwork (1.0.6)
      faraday
      faraday_middleware
      multi_json
      multipart-post
    temple (0.6.7)
    terminal-table (1.5.2)
    therubyracer (0.12.2)
      libv8 (~> 3.16.14.0)
      ref
    thor (0.19.1)
    tilt (1.4.1)
    timers (1.1.0)
    treetop (1.4.15)
      polyglot
      polyglot (>= 0.3.1)
    ttfunk (1.1.1)
    tzinfo (0.3.39)
    uglifier (2.5.0)
      execjs (>= 0.3.0)
      json (>= 1.8.0)
    uuid (2.3.7)
      macaddr (~> 1.0)
    wasabi (3.3.0)
      httpi (~> 2.0)
      mime-types (< 2.0.0)
      nokogiri (>= 1.4.0)
    whenever (0.9.2)
      activesupport (>= 2.3.4)
      chronic (>= 0.6.3)
    will_paginate (3.0.5)
    wisper (1.6.0)
    yard (0.8.7.4)

PLATFORMS
  ruby

DEPENDENCIES
  PriorityQueue (= 0.1.2)
  active_model_serializers (~> 0.9)
  active_record_query_trace
  activerecord-tableless (= 1.3.4)
  amoeba (= 2.0.0)
  arel (~> 3.0.2)
  attr_encrypted (~> 3.0.0)
  awesome_print
  aws-sdk (~> 2.0)
  bcrypt-ruby (= 3.0.1)
  carrierwave (= 0.10.0)
  chronic (= 0.10.2)
  classy_enum (= 3.4.0)
  coffee-rails (~> 3.2)
  combine_pdf!
  dalli (= 2.7.2)
  delorean (= 2.1.0)
  execjs (= 2.1.0)
  factory_girl_rails (~> 4.0)
  fog (~> 1.24)
  geokit (= 1.6.5)
  geokit-rails-mysql2 (= 1.1.4)!
  gitlab (~> 3.4.0)
  google-geocode (~> 1.2.1)
  haml (= 4.0.5)
  hashdiff (= 0.3.0)
  httparty (= 0.13.1)
  json (= 1.8.1)
  mysql2 (= 0.3.17)
  paper_trail (= 3.0.2)
  parallel (~> 1.9.0)
  plutus!
  prawn (= 1.0.0)
  pronto (= 0.4.2)
  pronto-rubocop (= 0.4.4)
  pry-suite
  rack-cors (~> 0.4.0)
  rack-mini-profiler (= 0.9.1)
  railroady (= 1.1.1)
  rails (~> 3.2)
  rails_config (= 0.4.2)
  rest-client (~> 1.6.7)
  rspec-rails (~> 3.0.0)
  rubocop (= 0.32.0)
  sass-rails (~> 3.2)
  savon (= 2.5.1)
  shortest_path (= 0.0.4)
  sidekiq (= 3.1.2)
  sidekiq-limit_fetch (= 2.4.2)
  sinatra (= 1.3.3)
  slim (= 2.0.2)
  socksify (= 1.5.0)
  spreadsheet (= 0.9.7)
  sqlite3 (= 1.3.9)
  squeel (= 1.1.1)
  tcp_timeout (~> 0.1.1)
  teamwork (~> 1.0.6)
  therubyracer (= 0.12.2)
  uglifier (= 2.5.0)
  whenever (= 0.9.2)
  will_paginate (= 3.0.5)
  wisper (= 1.6.0)
